GEM
  remote: https://rubygems.org/
  specs:
    addressable (2.5.2)
      public_suffix (>= 2.0.2, < 4.0)
    ansi (1.5.0)
    ast (2.4.1)
    builder (3.2.3)
    byebug (8.2.5)
    coderay (1.1.2)
    crack (0.4.3)
      safe_yaml (~> 1.0.0)
    fakefs (1.2.2)
    hashdiff (0.3.2)
    metaclass (0.0.4)
    method_source (0.9.2)
    minitest (5.11.3)
    minitest-reporters (1.3.5)
      ansi
      builder
      minitest (>= 5.0)
      ruby-progressbar
    mocha (1.7.0)
      metaclass (~> 0.0.1)
    parallel (1.19.2)
    parser (2.7.2.0)
      ast (~> 2.4.1)
    pry (0.12.2)
      coderay (~> 1.1.0)
      method_source (~> 0.9.0)
    pry-byebug (3.3.0)
      byebug (~> 8.0)
      pry (~> 0.10)
    public_suffix (3.0.3)
    rainbow (3.0.0)
    rake (13.0.1)
    regexp_parser (1.8.2)
    rexml (3.2.4)
    rubocop (0.93.1)
      parallel (~> 1.10)
      parser (>= 2.7.1.5)
      rainbow (>= 2.2.2, < 4.0)
      regexp_parser (>= 1.8)
      rexml
      rubocop-ast (>= 0.6.0)
      ruby-progressbar (~> 1.7)
      unicode-display_width (>= 1.4.0, < 2.0)
    rubocop-ast (0.8.0)
      parser (>= 2.7.1.5)
    rubocop-shopify (1.0.6)
      rubocop (>= 0.92, < 0.94)
    ruby-progressbar (1.10.1)
    safe_yaml (1.0.4)
    timecop (0.9.1)
    unicode-display_width (1.7.0)
    webmock (2.3.2)
      addressable (>= 2.3.6)
      crack (>= 0.3.2)
      hashdiff

PLATFORMS
  ruby

DEPENDENCIES
  byebug
  fakefs (>= 1.0)
  minitest (>= 5.0.0)
  minitest-reporters
  mocha
  pry-byebug
  rake
  rubocop-shopify
  timecop
  webmock

BUNDLED WITH
   1.17.3
