GEM
  remote: https://rubygems.org/
  specs:
    ansi (1.5.0)
    builder (3.2.3)
    byebug (8.2.2)
    metaclass (0.0.4)
    minitest (5.11.3)
    minitest-reporters (1.3.5)
      ansi
      builder
      minitest (>= 5.0)
      ruby-progressbar
    mocha (1.7.0)
      metaclass (~> 0.0.1)
    rake (12.1.0)
    ruby-progressbar (1.10.0)
    session (3.2.0)

PLATFORMS
  ruby

DEPENDENCIES
  byebug
  minitest (>= 5.0.0)
  minitest-reporters
  mocha
  rake
  session

RUBY VERSION
   ruby 2.5.1p57

BUNDLED WITH
   1.17.3
